GEM
  remote: https://rubygems.org/
  specs:
    actionmailer (4.2.11)
      actionpack (= 4.2.11)
      actionview (= 4.2.11)
      activejob (= 4.2.11)
      mail (~> 2.5, >= 2.5.4)
      rails-dom-testing (~> 1.0, >= 1.0.5)
    actionpack (4.2.11)
      actionview (= 4.2.11)
      activesupport (= 4.2.11)
      rack (~> 1.6)
      rack-test (~> 0.6.2)
      rails-dom-testing (~> 1.0, >= 1.0.5)
      rails-html-sanitizer (~> 1.0, >= 1.0.2)
    actionview (4.2.11)
      activesupport (= 4.2.11)
      builder (~> 3.1)
      erubis (~> 2.7.0)
      rails-dom-testing (~> 1.0, >= 1.0.5)
      rails-html-sanitizer (~> 1.0, >= 1.0.3)
    activejob (4.2.11)
      activesupport (= 4.2.11)
      globalid (>= 0.3.0)
    activemodel (4.2.11)
      activesupport (= 4.2.11)
      builder (~> 3.1)
    activerecord (4.2.11)
      activemodel (= 4.2.11)
      activesupport (= 4.2.11)
      arel (~> 6.0)
    activesupport (4.2.11)
      i18n (~> 0.7)
      minitest (~> 5.1)
      thread_safe (~> 0.3, >= 0.3.4)
      tzinfo (~> 1.1)
    arel (6.0.4)
    aws-eventstream (1.0.1)
    aws-partitions (1.131.0)
    aws-sdk (3.0.1)
      aws-sdk-resources (~> 3)
    aws-sdk-acm (1.14.0)
      aws-sdk-core (~> 3, >= 3.39.0)
      aws-sigv4 (~> 1.0)
    aws-sdk-acmpca (1.8.0)
      aws-sdk-core (~> 3, >= 3.39.0)
      aws-sigv4 (~> 1.0)
    aws-sdk-alexaforbusiness (1.15.0)
      aws-sdk-core (~> 3, >= 3.39.0)
      aws-sigv4 (~> 1.0)
    aws-sdk-amplify (1.0.0)
      aws-sdk-core (~> 3, >= 3.39.0)
      aws-sigv4 (~> 1.0)
    aws-sdk-apigateway (1.23.0)
      aws-sdk-core (~> 3, >= 3.39.0)
      aws-sigv4 (~> 1.0)
    aws-sdk-apigatewaymanagementapi (1.0.0)
      aws-sdk-core (~> 3, >= 3.39.0)
      aws-sigv4 (~> 1.0)
    aws-sdk-apigatewayv2 (1.0.0)
      aws-sdk-core (~> 3, >= 3.39.0)
      aws-sigv4 (~> 1.0)
    aws-sdk-applicationautoscaling (1.16.0)
      aws-sdk-core (~> 3, >= 3.39.0)
      aws-sigv4 (~> 1.0)
    aws-sdk-applicationdiscoveryservice (1.8.0)
      aws-sdk-core (~> 3, >= 3.39.0)
      aws-sigv4 (~> 1.0)
    aws-sdk-appmesh (1.1.0)
      aws-sdk-core (~> 3, >= 3.39.0)
      aws-sigv4 (~> 1.0)
    aws-sdk-appstream (1.19.0)
      aws-sdk-core (~> 3, >= 3.39.0)
      aws-sigv4 (~> 1.0)
    aws-sdk-appsync (1.9.0)
      aws-sdk-core (~> 3, >= 3.39.0)
      aws-sigv4 (~> 1.0)
    aws-sdk-athena (1.7.0)
      aws-sdk-core (~> 3, >= 3.39.0)
      aws-sigv4 (~> 1.0)
    aws-sdk-autoscaling (1.13.0)
      aws-sdk-core (~> 3, >= 3.39.0)
      aws-sigv4 (~> 1.0)
    aws-sdk-autoscalingplans (1.8.0)
      aws-sdk-core (~> 3, >= 3.39.0)
      aws-sigv4 (~> 1.0)
    aws-sdk-batch (1.12.0)
      aws-sdk-core (~> 3, >= 3.39.0)
      aws-sigv4 (~> 1.0)
    aws-sdk-budgets (1.15.0)
      aws-sdk-core (~> 3, >= 3.39.0)
      aws-sigv4 (~> 1.0)
    aws-sdk-chime (1.2.0)
      aws-sdk-core (~> 3, >= 3.39.0)
      aws-sigv4 (~> 1.0)
    aws-sdk-cloud9 (1.7.0)
      aws-sdk-core (~> 3, >= 3.39.0)
      aws-sigv4 (~> 1.0)
    aws-sdk-clouddirectory (1.11.0)
      aws-sdk-core (~> 3, >= 3.39.0)
      aws-sigv4 (~> 1.0)
    aws-sdk-cloudformation (1.14.0)
      aws-sdk-core (~> 3, >= 3.39.0)
      aws-sigv4 (~> 1.0)
    aws-sdk-cloudfront (1.11.0)
      aws-sdk-core (~> 3, >= 3.39.0)
      aws-sigv4 (~> 1.0)
    aws-sdk-cloudhsm (1.9.0)
      aws-sdk-core (~> 3, >= 3.39.0)
      aws-sigv4 (~> 1.0)
    aws-sdk-cloudhsmv2 (1.9.0)
      aws-sdk-core (~> 3, >= 3.39.0)
      aws-sigv4 (~> 1.0)
    aws-sdk-cloudsearch (1.6.0)
      aws-sdk-core (~> 3, >= 3.39.0)
      aws-sigv4 (~> 1.0)
    aws-sdk-cloudsearchdomain (1.6.0)
      aws-sdk-core (~> 3, >= 3.39.0)
      aws-sigv4 (~> 1.0)
    aws-sdk-cloudtrail (1.8.0)
      aws-sdk-core (~> 3, >= 3.39.0)
      aws-sigv4 (~> 1.0)
    aws-sdk-cloudwatch (1.13.0)
      aws-sdk-core (~> 3, >= 3.39.0)
      aws-sigv4 (~> 1.0)
    aws-sdk-cloudwatchevents (1.13.0)
      aws-sdk-core (~> 3, >= 3.39.0)
      aws-sigv4 (~> 1.0)
    aws-sdk-cloudwatchlogs (1.12.0)
      aws-sdk-core (~> 3, >= 3.39.0)
      aws-sigv4 (~> 1.0)
    aws-sdk-codebuild (1.25.0)
      aws-sdk-core (~> 3, >= 3.39.0)
      aws-sigv4 (~> 1.0)
    aws-sdk-codecommit (1.11.0)
      aws-sdk-core (~> 3, >= 3.39.0)
      aws-sigv4 (~> 1.0)
    aws-sdk-codedeploy (1.13.0)
      aws-sdk-core (~> 3, >= 3.39.0)
      aws-sigv4 (~> 1.0)
    aws-sdk-codepipeline (1.11.0)
      aws-sdk-core (~> 3, >= 3.39.0)
      aws-sigv4 (~> 1.0)
    aws-sdk-codestar (1.8.0)
      aws-sdk-core (~> 3, >= 3.39.0)
      aws-sigv4 (~> 1.0)
    aws-sdk-cognitoidentity (1.6.0)
      aws-sdk-core (~> 3, >= 3.39.0)
      aws-sigv4 (~> 1.0)
    aws-sdk-cognitoidentityprovider (1.12.0)
      aws-sdk-core (~> 3, >= 3.39.0)
      aws-sigv4 (~> 1.0)
    aws-sdk-cognitosync (1.6.0)
      aws-sdk-core (~> 3, >= 3.39.0)
      aws-sigv4 (~> 1.0)
    aws-sdk-comprehend (1.12.0)
      aws-sdk-core (~> 3, >= 3.39.0)
      aws-sigv4 (~> 1.0)
    aws-sdk-comprehendmedical (1.0.0)
      aws-sdk-core (~> 3, >= 3.39.0)
      aws-sigv4 (~> 1.0)
    aws-sdk-configservice (1.21.0)
      aws-sdk-core (~> 3, >= 3.39.0)
      aws-sigv4 (~> 1.0)
    aws-sdk-connect (1.10.0)
      aws-sdk-core (~> 3, >= 3.39.0)
      aws-sigv4 (~> 1.0)
    aws-sdk-core (3.45.0)
      aws-eventstream (~> 1.0)
      aws-partitions (~> 1.0)
      aws-sigv4 (~> 1.0)
      jmespath (~> 1.0)
    aws-sdk-costandusagereportservice (1.6.0)
      aws-sdk-core (~> 3, >= 3.39.0)
      aws-sigv4 (~> 1.0)
    aws-sdk-costexplorer (1.15.0)
      aws-sdk-core (~> 3, >= 3.39.0)
      aws-sigv4 (~> 1.0)
    aws-sdk-databasemigrationservice (1.15.0)
      aws-sdk-core (~> 3, >= 3.39.0)
      aws-sigv4 (~> 1.0)
    aws-sdk-datapipeline (1.6.0)
      aws-sdk-core (~> 3, >= 3.39.0)
      aws-sigv4 (~> 1.0)
    aws-sdk-datasync (1.0.0)
      aws-sdk-core (~> 3, >= 3.39.0)
      aws-sigv4 (~> 1.0)
    aws-sdk-dax (1.8.0)
      aws-sdk-core (~> 3, >= 3.39.0)
      aws-sigv4 (~> 1.0)
    aws-sdk-devicefarm (1.15.0)
      aws-sdk-core (~> 3, >= 3.39.0)
      aws-sigv4 (~> 1.0)
    aws-sdk-directconnect (1.10.0)
      aws-sdk-core (~> 3, >= 3.39.0)
      aws-sigv4 (~> 1.0)
    aws-sdk-directoryservice (1.11.0)
      aws-sdk-core (~> 3, >= 3.39.0)
      aws-sigv4 (~> 1.0)
    aws-sdk-dlm (1.7.0)
      aws-sdk-core (~> 3, >= 3.39.0)
      aws-sigv4 (~> 1.0)
    aws-sdk-docdb (1.0.0)
      aws-sdk-core (~> 3, >= 3.39.0)
      aws-sigv4 (~> 1.0)
    aws-sdk-dynamodb (1.19.0)
      aws-sdk-core (~> 3, >= 3.39.0)
      aws-sigv4 (~> 1.0)
    aws-sdk-dynamodbstreams (1.6.0)
      aws-sdk-core (~> 3, >= 3.39.0)
      aws-sigv4 (~> 1.0)
    aws-sdk-ec2 (1.66.0)
      aws-sdk-core (~> 3, >= 3.39.0)
      aws-sigv4 (~> 1.0)
    aws-sdk-ecr (1.10.0)
      aws-sdk-core (~> 3, >= 3.39.0)
      aws-sigv4 (~> 1.0)
    aws-sdk-ecs (1.28.0)
      aws-sdk-core (~> 3, >= 3.39.0)
      aws-sigv4 (~> 1.0)
    aws-sdk-efs (1.7.0)
      aws-sdk-core (~> 3, >= 3.39.0)
      aws-sigv4 (~> 1.0)
    aws-sdk-eks (1.9.0)
      aws-sdk-core (~> 3, >= 3.39.0)
      aws-sigv4 (~> 1.0)
    aws-sdk-elasticache (1.10.0)
      aws-sdk-core (~> 3, >= 3.39.0)
      aws-sigv4 (~> 1.0)
    aws-sdk-elasticbeanstalk (1.15.0)
      aws-sdk-core (~> 3, >= 3.39.0)
      aws-sigv4 (~> 1.0)
    aws-sdk-elasticloadbalancing (1.8.0)
      aws-sdk-core (~> 3, >= 3.39.0)
      aws-sigv4 (~> 1.0)
    aws-sdk-elasticloadbalancingv2 (1.19.0)
      aws-sdk-core (~> 3, >= 3.39.0)
      aws-sigv4 (~> 1.0)
    aws-sdk-elasticsearchservice (1.15.0)
      aws-sdk-core (~> 3, >= 3.39.0)
      aws-sigv4 (~> 1.0)
    aws-sdk-elastictranscoder (1.7.0)
      aws-sdk-core (~> 3, >= 3.39.0)
      aws-sigv4 (~> 1.0)
    aws-sdk-emr (1.9.0)
      aws-sdk-core (~> 3, >= 3.39.0)
      aws-sigv4 (~> 1.0)
    aws-sdk-firehose (1.11.0)
      aws-sdk-core (~> 3, >= 3.39.0)
      aws-sigv4 (~> 1.0)
    aws-sdk-fms (1.7.0)
      aws-sdk-core (~> 3, >= 3.39.0)
      aws-sigv4 (~> 1.0)
    aws-sdk-fsx (1.0.0)
      aws-sdk-core (~> 3, >= 3.39.0)
      aws-sigv4 (~> 1.0)
    aws-sdk-gamelift (1.10.0)
      aws-sdk-core (~> 3, >= 3.39.0)
      aws-sigv4 (~> 1.0)
    aws-sdk-glacier (1.14.0)
      aws-sdk-core (~> 3, >= 3.39.0)
      aws-sigv4 (~> 1.0)
    aws-sdk-globalaccelerator (1.1.0)
      aws-sdk-core (~> 3, >= 3.39.0)
      aws-sigv4 (~> 1.0)
    aws-sdk-glue (1.22.0)
      aws-sdk-core (~> 3, >= 3.39.0)
      aws-sigv4 (~> 1.0)
    aws-sdk-greengrass (1.12.0)
      aws-sdk-core (~> 3, >= 3.39.0)
      aws-sigv4 (~> 1.0)
    aws-sdk-guardduty (1.11.0)
      aws-sdk-core (~> 3, >= 3.39.0)
      aws-sigv4 (~> 1.0)
    aws-sdk-health (1.9.0)
      aws-sdk-core (~> 3, >= 3.39.0)
      aws-sigv4 (~> 1.0)
    aws-sdk-iam (1.13.0)
      aws-sdk-core (~> 3, >= 3.39.0)
      aws-sigv4 (~> 1.0)
    aws-sdk-importexport (1.6.0)
      aws-sdk-core (~> 3, >= 3.39.0)
      aws-sigv2 (~> 1.0)
    aws-sdk-inspector (1.12.0)
      aws-sdk-core (~> 3, >= 3.39.0)
      aws-sigv4 (~> 1.0)
    aws-sdk-iot (1.22.0)
      aws-sdk-core (~> 3, >= 3.39.0)
      aws-sigv4 (~> 1.0)
    aws-sdk-iot1clickdevicesservice (1.6.0)
      aws-sdk-core (~> 3, >= 3.39.0)
      aws-sigv4 (~> 1.0)
    aws-sdk-iot1clickprojects (1.6.0)
      aws-sdk-core (~> 3, >= 3.39.0)
      aws-sigv4 (~> 1.0)
    aws-sdk-iotanalytics (1.12.0)
      aws-sdk-core (~> 3, >= 3.39.0)
      aws-sigv4 (~> 1.0)
    aws-sdk-iotdataplane (1.6.0)
      aws-sdk-core (~> 3, >= 3.39.0)
      aws-sigv4 (~> 1.0)
    aws-sdk-iotjobsdataplane (1.7.0)
      aws-sdk-core (~> 3, >= 3.39.0)
      aws-sigv4 (~> 1.0)
    aws-sdk-kafka (1.0.0)
      aws-sdk-core (~> 3, >= 3.39.0)
      aws-sigv4 (~> 1.0)
    aws-sdk-kinesis (1.9.0)
      aws-sdk-core (~> 3, >= 3.39.0)
      aws-sigv4 (~> 1.0)
    aws-sdk-kinesisanalytics (1.9.0)
      aws-sdk-core (~> 3, >= 3.39.0)
      aws-sigv4 (~> 1.0)
    aws-sdk-kinesisanalyticsv2 (1.0.0)
      aws-sdk-core (~> 3, >= 3.39.0)
      aws-sigv4 (~> 1.0)
    aws-sdk-kinesisvideo (1.7.0)
      aws-sdk-core (~> 3, >= 3.39.0)
      aws-sigv4 (~> 1.0)
    aws-sdk-kinesisvideoarchivedmedia (1.7.0)
      aws-sdk-core (~> 3, >= 3.39.0)
      aws-sigv4 (~> 1.0)
    aws-sdk-kinesisvideomedia (1.6.0)
      aws-sdk-core (~> 3, >= 3.39.0)
      aws-sigv4 (~> 1.0)
    aws-sdk-kms (1.13.0)
      aws-sdk-core (~> 3, >= 3.39.0)
      aws-sigv4 (~> 1.0)
    aws-sdk-lambda (1.16.0)
      aws-sdk-core (~> 3, >= 3.39.0)
      aws-sigv4 (~> 1.0)
    aws-sdk-lambdapreview (1.6.0)
      aws-sdk-core (~> 3, >= 3.39.0)
      aws-sigv4 (~> 1.0)
    aws-sdk-lex (1.9.0)
      aws-sdk-core (~> 3, >= 3.39.0)
      aws-sigv4 (~> 1.0)
    aws-sdk-lexmodelbuildingservice (1.12.0)
      aws-sdk-core (~> 3, >= 3.39.0)
      aws-sigv4 (~> 1.0)
    aws-sdk-licensemanager (1.0.0)
      aws-sdk-core (~> 3, >= 3.39.0)
      aws-sigv4 (~> 1.0)
    aws-sdk-lightsail (1.13.0)
      aws-sdk-core (~> 3, >= 3.39.0)
      aws-sigv4 (~> 1.0)
    aws-sdk-machinelearning (1.6.0)
      aws-sdk-core (~> 3, >= 3.39.0)
      aws-sigv4 (~> 1.0)
    aws-sdk-macie (1.6.0)
      aws-sdk-core (~> 3, >= 3.39.0)
      aws-sigv4 (~> 1.0)
    aws-sdk-marketplacecommerceanalytics (1.6.0)
      aws-sdk-core (~> 3, >= 3.39.0)
      aws-sigv4 (~> 1.0)
    aws-sdk-marketplaceentitlementservice (1.6.0)
      aws-sdk-core (~> 3, >= 3.39.0)
      aws-sigv4 (~> 1.0)
    aws-sdk-marketplacemetering (1.7.0)
      aws-sdk-core (~> 3, >= 3.39.0)
      aws-sigv4 (~> 1.0)
    aws-sdk-mediaconnect (1.0.0)
      aws-sdk-core (~> 3, >= 3.39.0)
      aws-sigv4 (~> 1.0)
    aws-sdk-mediaconvert (1.18.0)
      aws-sdk-core (~> 3, >= 3.39.0)
      aws-sigv4 (~> 1.0)
    aws-sdk-medialive (1.18.0)
      aws-sdk-core (~> 3, >= 3.39.0)
      aws-sigv4 (~> 1.0)
    aws-sdk-mediapackage (1.10.0)
      aws-sdk-core (~> 3, >= 3.39.0)
      aws-sigv4 (~> 1.0)
    aws-sdk-mediastore (1.8.0)
      aws-sdk-core (~> 3, >= 3.39.0)
      aws-sigv4 (~> 1.0)
    aws-sdk-mediastoredata (1.8.0)
      aws-sdk-core (~> 3, >= 3.39.0)
      aws-sigv4 (~> 1.0)
    aws-sdk-mediatailor (1.9.0)
      aws-sdk-core (~> 3, >= 3.39.0)
      aws-sigv4 (~> 1.0)
    aws-sdk-migrationhub (1.8.0)
      aws-sdk-core (~> 3, >= 3.39.0)
      aws-sigv4 (~> 1.0)
    aws-sdk-mobile (1.6.0)
      aws-sdk-core (~> 3, >= 3.39.0)
      aws-sigv4 (~> 1.0)
    aws-sdk-mq (1.9.0)
      aws-sdk-core (~> 3, >= 3.39.0)
      aws-sigv4 (~> 1.0)
    aws-sdk-mturk (1.9.0)
      aws-sdk-core (~> 3, >= 3.39.0)
      aws-sigv4 (~> 1.0)
    aws-sdk-neptune (1.7.0)
      aws-sdk-core (~> 3, >= 3.39.0)
      aws-sigv4 (~> 1.0)
    aws-sdk-opsworks (1.9.0)
      aws-sdk-core (~> 3, >= 3.39.0)
      aws-sigv4 (~> 1.0)
    aws-sdk-opsworkscm (1.11.0)
      aws-sdk-core (~> 3, >= 3.39.0)
      aws-sigv4 (~> 1.0)
    aws-sdk-organizations (1.17.0)
      aws-sdk-core (~> 3, >= 3.39.0)
      aws-sigv4 (~> 1.0)
    aws-sdk-pi (1.6.0)
      aws-sdk-core (~> 3, >= 3.39.0)
      aws-sigv4 (~> 1.0)
    aws-sdk-pinpoint (1.14.0)
      aws-sdk-core (~> 3, >= 3.39.0)
      aws-sigv4 (~> 1.0)
    aws-sdk-pinpointemail (1.2.0)
      aws-sdk-core (~> 3, >= 3.39.0)
      aws-sigv4 (~> 1.0)
    aws-sdk-pinpointsmsvoice (1.2.0)
      aws-sdk-core (~> 3, >= 3.39.0)
      aws-sigv4 (~> 1.0)
    aws-sdk-polly (1.15.0)
      aws-sdk-core (~> 3, >= 3.39.0)
      aws-sigv4 (~> 1.0)
    aws-sdk-pricing (1.6.0)
      aws-sdk-core (~> 3, >= 3.39.0)
      aws-sigv4 (~> 1.0)
    aws-sdk-quicksight (1.1.0)
      aws-sdk-core (~> 3, >= 3.39.0)
      aws-sigv4 (~> 1.0)
    aws-sdk-ram (1.1.0)
      aws-sdk-core (~> 3, >= 3.39.0)
      aws-sigv4 (~> 1.0)
    aws-sdk-rds (1.42.0)
      aws-sdk-core (~> 3, >= 3.39.0)
      aws-sigv4 (~> 1.0)
    aws-sdk-rdsdataservice (1.1.0)
      aws-sdk-core (~> 3, >= 3.39.0)
      aws-sigv4 (~> 1.0)
    aws-sdk-redshift (1.18.0)
      aws-sdk-core (~> 3, >= 3.39.0)
      aws-sigv4 (~> 1.0)
    aws-sdk-rekognition (1.16.0)
      aws-sdk-core (~> 3, >= 3.39.0)
      aws-sigv4 (~> 1.0)
    aws-sdk-resourcegroups (1.9.0)
      aws-sdk-core (~> 3, >= 3.39.0)
      aws-sigv4 (~> 1.0)
    aws-sdk-resourcegroupstaggingapi (1.6.0)
      aws-sdk-core (~> 3, >= 3.39.0)
      aws-sigv4 (~> 1.0)
    aws-sdk-resources (3.37.0)
      aws-sdk-acm (~> 1)
      aws-sdk-acmpca (~> 1)
      aws-sdk-alexaforbusiness (~> 1)
      aws-sdk-amplify (~> 1)
      aws-sdk-apigateway (~> 1)
      aws-sdk-apigatewaymanagementapi (~> 1)
      aws-sdk-apigatewayv2 (~> 1)
      aws-sdk-applicationautoscaling (~> 1)
      aws-sdk-applicationdiscoveryservice (~> 1)
      aws-sdk-appmesh (~> 1)
      aws-sdk-appstream (~> 1)
      aws-sdk-appsync (~> 1)
      aws-sdk-athena (~> 1)
      aws-sdk-autoscaling (~> 1)
      aws-sdk-autoscalingplans (~> 1)
      aws-sdk-batch (~> 1)
      aws-sdk-budgets (~> 1)
      aws-sdk-chime (~> 1)
      aws-sdk-cloud9 (~> 1)
      aws-sdk-clouddirectory (~> 1)
      aws-sdk-cloudformation (~> 1)
      aws-sdk-cloudfront (~> 1)
      aws-sdk-cloudhsm (~> 1)
      aws-sdk-cloudhsmv2 (~> 1)
      aws-sdk-cloudsearch (~> 1)
      aws-sdk-cloudsearchdomain (~> 1)
      aws-sdk-cloudtrail (~> 1)
      aws-sdk-cloudwatch (~> 1)
      aws-sdk-cloudwatchevents (~> 1)
      aws-sdk-cloudwatchlogs (~> 1)
      aws-sdk-codebuild (~> 1)
      aws-sdk-codecommit (~> 1)
      aws-sdk-codedeploy (~> 1)
      aws-sdk-codepipeline (~> 1)
      aws-sdk-codestar (~> 1)
      aws-sdk-cognitoidentity (~> 1)
      aws-sdk-cognitoidentityprovider (~> 1)
      aws-sdk-cognitosync (~> 1)
      aws-sdk-comprehend (~> 1)
      aws-sdk-comprehendmedical (~> 1)
      aws-sdk-configservice (~> 1)
      aws-sdk-connect (~> 1)
      aws-sdk-costandusagereportservice (~> 1)
      aws-sdk-costexplorer (~> 1)
      aws-sdk-databasemigrationservice (~> 1)
      aws-sdk-datapipeline (~> 1)
      aws-sdk-datasync (~> 1)
      aws-sdk-dax (~> 1)
      aws-sdk-devicefarm (~> 1)
      aws-sdk-directconnect (~> 1)
      aws-sdk-directoryservice (~> 1)
      aws-sdk-dlm (~> 1)
      aws-sdk-docdb (~> 1)
      aws-sdk-dynamodb (~> 1)
      aws-sdk-dynamodbstreams (~> 1)
      aws-sdk-ec2 (~> 1)
      aws-sdk-ecr (~> 1)
      aws-sdk-ecs (~> 1)
      aws-sdk-efs (~> 1)
      aws-sdk-eks (~> 1)
      aws-sdk-elasticache (~> 1)
      aws-sdk-elasticbeanstalk (~> 1)
      aws-sdk-elasticloadbalancing (~> 1)
      aws-sdk-elasticloadbalancingv2 (~> 1)
      aws-sdk-elasticsearchservice (~> 1)
      aws-sdk-elastictranscoder (~> 1)
      aws-sdk-emr (~> 1)
      aws-sdk-firehose (~> 1)
      aws-sdk-fms (~> 1)
      aws-sdk-fsx (~> 1)
      aws-sdk-gamelift (~> 1)
      aws-sdk-glacier (~> 1)
      aws-sdk-globalaccelerator (~> 1)
      aws-sdk-glue (~> 1)
      aws-sdk-greengrass (~> 1)
      aws-sdk-guardduty (~> 1)
      aws-sdk-health (~> 1)
      aws-sdk-iam (~> 1)
      aws-sdk-importexport (~> 1)
      aws-sdk-inspector (~> 1)
      aws-sdk-iot (~> 1)
      aws-sdk-iot1clickdevicesservice (~> 1)
      aws-sdk-iot1clickprojects (~> 1)
      aws-sdk-iotanalytics (~> 1)
      aws-sdk-iotdataplane (~> 1)
      aws-sdk-iotjobsdataplane (~> 1)
      aws-sdk-kafka (~> 1)
      aws-sdk-kinesis (~> 1)
      aws-sdk-kinesisanalytics (~> 1)
      aws-sdk-kinesisanalyticsv2 (~> 1)
      aws-sdk-kinesisvideo (~> 1)
      aws-sdk-kinesisvideoarchivedmedia (~> 1)
      aws-sdk-kinesisvideomedia (~> 1)
      aws-sdk-kms (~> 1)
      aws-sdk-lambda (~> 1)
      aws-sdk-lambdapreview (~> 1)
      aws-sdk-lex (~> 1)
      aws-sdk-lexmodelbuildingservice (~> 1)
      aws-sdk-licensemanager (~> 1)
      aws-sdk-lightsail (~> 1)
      aws-sdk-machinelearning (~> 1)
      aws-sdk-macie (~> 1)
      aws-sdk-marketplacecommerceanalytics (~> 1)
      aws-sdk-marketplaceentitlementservice (~> 1)
      aws-sdk-marketplacemetering (~> 1)
      aws-sdk-mediaconnect (~> 1)
      aws-sdk-mediaconvert (~> 1)
      aws-sdk-medialive (~> 1)
      aws-sdk-mediapackage (~> 1)
      aws-sdk-mediastore (~> 1)
      aws-sdk-mediastoredata (~> 1)
      aws-sdk-mediatailor (~> 1)
      aws-sdk-migrationhub (~> 1)
      aws-sdk-mobile (~> 1)
      aws-sdk-mq (~> 1)
      aws-sdk-mturk (~> 1)
      aws-sdk-neptune (~> 1)
      aws-sdk-opsworks (~> 1)
      aws-sdk-opsworkscm (~> 1)
      aws-sdk-organizations (~> 1)
      aws-sdk-pi (~> 1)
      aws-sdk-pinpoint (~> 1)
      aws-sdk-pinpointemail (~> 1)
      aws-sdk-pinpointsmsvoice (~> 1)
      aws-sdk-polly (~> 1)
      aws-sdk-pricing (~> 1)
      aws-sdk-quicksight (~> 1)
      aws-sdk-ram (~> 1)
      aws-sdk-rds (~> 1)
      aws-sdk-rdsdataservice (~> 1)
      aws-sdk-redshift (~> 1)
      aws-sdk-rekognition (~> 1)
      aws-sdk-resourcegroups (~> 1)
      aws-sdk-resourcegroupstaggingapi (~> 1)
      aws-sdk-robomaker (~> 1)
      aws-sdk-route53 (~> 1)
      aws-sdk-route53domains (~> 1)
      aws-sdk-route53resolver (~> 1)
      aws-sdk-s3 (~> 1)
      aws-sdk-s3control (~> 1)
      aws-sdk-sagemaker (~> 1)
      aws-sdk-sagemakerruntime (~> 1)
      aws-sdk-secretsmanager (~> 1)
      aws-sdk-securityhub (~> 1)
      aws-sdk-serverlessapplicationrepository (~> 1)
      aws-sdk-servicecatalog (~> 1)
      aws-sdk-servicediscovery (~> 1)
      aws-sdk-ses (~> 1)
      aws-sdk-shield (~> 1)
      aws-sdk-signer (~> 1)
      aws-sdk-simpledb (~> 1)
      aws-sdk-sms (~> 1)
      aws-sdk-snowball (~> 1)
      aws-sdk-sns (~> 1)
      aws-sdk-sqs (~> 1)
      aws-sdk-ssm (~> 1)
      aws-sdk-states (~> 1)
      aws-sdk-storagegateway (~> 1)
      aws-sdk-support (~> 1)
      aws-sdk-swf (~> 1)
      aws-sdk-transcribeservice (~> 1)
      aws-sdk-transfer (~> 1)
      aws-sdk-translate (~> 1)
      aws-sdk-waf (~> 1)
      aws-sdk-wafregional (~> 1)
      aws-sdk-workdocs (~> 1)
      aws-sdk-workmail (~> 1)
      aws-sdk-workspaces (~> 1)
      aws-sdk-xray (~> 1)
    aws-sdk-robomaker (1.0.0)
      aws-sdk-core (~> 3, >= 3.39.0)
      aws-sigv4 (~> 1.0)
    aws-sdk-route53 (1.17.0)
      aws-sdk-core (~> 3, >= 3.39.0)
      aws-sigv4 (~> 1.0)
    aws-sdk-route53domains (1.8.0)
      aws-sdk-core (~> 3, >= 3.39.0)
      aws-sigv4 (~> 1.0)
    aws-sdk-route53resolver (1.1.0)
      aws-sdk-core (~> 3, >= 3.39.0)
      aws-sigv4 (~> 1.0)
    aws-sdk-s3 (1.30.1)
      aws-sdk-core (~> 3, >= 3.39.0)
      aws-sdk-kms (~> 1)
      aws-sigv4 (~> 1.0)
    aws-sdk-s3control (1.1.0)
      aws-sdk-core (~> 3, >= 3.39.0)
      aws-sigv4 (~> 1.0)
    aws-sdk-sagemaker (1.28.0)
      aws-sdk-core (~> 3, >= 3.39.0)
      aws-sigv4 (~> 1.0)
    aws-sdk-sagemakerruntime (1.7.0)
      aws-sdk-core (~> 3, >= 3.39.0)
      aws-sigv4 (~> 1.0)
    aws-sdk-secretsmanager (1.20.0)
      aws-sdk-core (~> 3, >= 3.39.0)
      aws-sigv4 (~> 1.0)
    aws-sdk-securityhub (1.0.0)
      aws-sdk-core (~> 3, >= 3.39.0)
      aws-sigv4 (~> 1.0)
    aws-sdk-serverlessapplicationrepository (1.11.0)
      aws-sdk-core (~> 3, >= 3.39.0)
      aws-sigv4 (~> 1.0)
    aws-sdk-servicecatalog (1.15.0)
      aws-sdk-core (~> 3, >= 3.39.0)
      aws-sigv4 (~> 1.0)
    aws-sdk-servicediscovery (1.9.0)
      aws-sdk-core (~> 3, >= 3.39.0)
      aws-sigv4 (~> 1.0)
    aws-sdk-ses (1.14.0)
      aws-sdk-core (~> 3, >= 3.39.0)
      aws-sigv4 (~> 1.0)
    aws-sdk-shield (1.9.0)
      aws-sdk-core (~> 3, >= 3.39.0)
      aws-sigv4 (~> 1.0)
    aws-sdk-signer (1.5.0)
      aws-sdk-core (~> 3, >= 3.39.0)
      aws-sigv4 (~> 1.0)
    aws-sdk-simpledb (1.6.0)
      aws-sdk-core (~> 3, >= 3.39.0)
      aws-sigv2 (~> 1.0)
    aws-sdk-sms (1.7.0)
      aws-sdk-core (~> 3, >= 3.39.0)
      aws-sigv4 (~> 1.0)
    aws-sdk-snowball (1.11.0)
      aws-sdk-core (~> 3, >= 3.39.0)
      aws-sigv4 (~> 1.0)
    aws-sdk-sns (1.9.0)
      aws-sdk-core (~> 3, >= 3.39.0)
      aws-sigv4 (~> 1.0)
    aws-sdk-sqs (1.10.0)
      aws-sdk-core (~> 3, >= 3.39.0)
      aws-sigv4 (~> 1.0)
    aws-sdk-ssm (1.34.0)
      aws-sdk-core (~> 3, >= 3.39.0)
      aws-sigv4 (~> 1.0)
    aws-sdk-states (1.10.0)
      aws-sdk-core (~> 3, >= 3.39.0)
      aws-sigv4 (~> 1.0)
    aws-sdk-storagegateway (1.13.0)
      aws-sdk-core (~> 3, >= 3.39.0)
      aws-sigv4 (~> 1.0)
    aws-sdk-support (1.6.0)
      aws-sdk-core (~> 3, >= 3.39.0)
      aws-sigv4 (~> 1.0)
    aws-sdk-swf (1.6.0)
      aws-sdk-core (~> 3, >= 3.39.0)
      aws-sigv4 (~> 1.0)
    aws-sdk-transcribeservice (1.13.0)
      aws-sdk-core (~> 3, >= 3.39.0)
      aws-sigv4 (~> 1.0)
    aws-sdk-transfer (1.0.0)
      aws-sdk-core (~> 3, >= 3.39.0)
      aws-sigv4 (~> 1.0)
    aws-sdk-translate (1.8.0)
      aws-sdk-core (~> 3, >= 3.39.0)
      aws-sigv4 (~> 1.0)
    aws-sdk-waf (1.12.0)
      aws-sdk-core (~> 3, >= 3.39.0)
      aws-sigv4 (~> 1.0)
    aws-sdk-wafregional (1.13.0)
      aws-sdk-core (~> 3, >= 3.39.0)
      aws-sigv4 (~> 1.0)
    aws-sdk-workdocs (1.8.0)
      aws-sdk-core (~> 3, >= 3.39.0)
      aws-sigv4 (~> 1.0)
    aws-sdk-workmail (1.7.0)
      aws-sdk-core (~> 3, >= 3.39.0)
      aws-sigv4 (~> 1.0)
    aws-sdk-workspaces (1.11.0)
      aws-sdk-core (~> 3, >= 3.39.0)
      aws-sigv4 (~> 1.0)
    aws-sdk-xray (1.10.0)
      aws-sdk-core (~> 3, >= 3.39.0)
      aws-sigv4 (~> 1.0)
    aws-sigv2 (1.0.1)
    aws-sigv4 (1.0.3)
    bcrypt (3.1.12)
    builder (3.2.3)
    carmen (1.0.2)
      activesupport (>= 3.0.0)
    carmen-rails (1.0.1)
      carmen (~> 1.0.0)
      rails
    climate_control (0.2.0)
    cocaine (0.5.8)
      climate_control (>= 0.0.3, < 1.0)
    cocoon (1.2.12)
    coderay (1.1.2)
    coffee-rails (4.0.1)
      coffee-script (>= 2.2.0)
      railties (>= 4.0.0, < 5.0)
    coffee-script (2.4.1)
      coffee-script-source
      execjs
    coffee-script-source (1.12.2)
    concurrent-ruby (1.1.4)
    crass (1.0.4)
    devise (4.5.0)
      bcrypt (~> 3.0)
      orm_adapter (~> 0.1)
      railties (>= 4.1.0, < 6.0)
      responders
      warden (~> 1.2.3)
    em-websocket (0.5.1)
      eventmachine (>= 0.12.9)
      http_parser.rb (~> 0.6.0)
    erubis (2.7.0)
    eventmachine (1.2.7)
    execjs (2.7.0)
    fancybox2-rails (0.2.8)
      railties (>= 3.1.0, < 5.0)
    ffi (1.10.0)
    figaro (1.1.1)
      thor (~> 0.14)
    formatador (0.2.5)
    geocoder (1.5.0)
    globalid (0.4.2)
      activesupport (>= 4.2.0)
    guard (2.15.0)
      formatador (>= 0.2.4)
      listen (>= 2.7, < 4.0)
      lumberjack (>= 1.0.12, < 2.0)
      nenv (~> 0.1)
      notiffany (~> 0.0)
      pry (>= 0.9.12)
      shellany (~> 0.0)
      thor (>= 0.18.1)
    guard-compat (1.2.1)
    guard-livereload (2.5.2)
      em-websocket (~> 0.5)
      guard (~> 2.8)
      guard-compat (~> 1.0)
      multi_json (~> 1.8)
    guard-minitest (2.4.6)
      guard-compat (~> 1.2)
      minitest (>= 3.0)
    hike (1.2.3)
    http_parser.rb (0.6.0)
    i18n (0.9.5)
      concurrent-ruby (~> 1.0)
    jbuilder (2.8.0)
      activesupport (>= 4.2.0)
      multi_json (>= 1.2)
    jmespath (1.4.0)
    jquery-rails (4.3.3)
      rails-dom-testing (>= 1, < 3)
      railties (>= 4.2.0)
      thor (>= 0.14, < 2.0)
    json (1.8.6)
    kgio (2.11.2)
    listen (3.1.5)
      rb-fsevent (~> 0.9, >= 0.9.4)
      rb-inotify (~> 0.9, >= 0.9.7)
      ruby_dep (~> 1.2)
    loofah (2.2.3)
      crass (~> 1.0.2)
      nokogiri (>= 1.5.9)
    lumberjack (1.0.13)
    mail (2.7.1)
      mini_mime (>= 0.1.1)
    method_source (0.9.2)
    mime-types (3.2.2)
      mime-types-data (~> 3.2015)
    mime-types-data (3.2018.0812)
    mimemagic (0.3.0)
    mini_mime (1.0.1)
    mini_portile2 (2.4.0)
    minitest (5.11.3)
    multi_json (1.13.1)
    nenv (0.3.0)
    nokogiri (1.10.1)
      mini_portile2 (~> 2.4.0)
    notiffany (0.1.1)
      nenv (~> 0.1)
      shellany (~> 0.0)
    orm_adapter (0.5.0)
    paperclip (4.3.7)
      activemodel (>= 3.2.0)
      activesupport (>= 3.2.0)
      cocaine (~> 0.5.5)
      mime-types
      mimemagic (= 0.3.0)
    pg (1.1.4)
    pry (0.12.2)
      coderay (~> 1.1.0)
      method_source (~> 0.9.0)
    rack (1.6.11)
    rack-test (0.6.3)
      rack (>= 1.0)
    rails (4.2.11)
      actionmailer (= 4.2.11)
      actionpack (= 4.2.11)
      actionview (= 4.2.11)
      activejob (= 4.2.11)
      activemodel (= 4.2.11)
      activerecord (= 4.2.11)
      activesupport (= 4.2.11)
      bundler (>= 1.3.0, < 2.0)
      railties (= 4.2.11)
      sprockets-rails
    rails-deprecated_sanitizer (1.0.3)
      activesupport (>= 4.2.0.alpha)
    rails-dom-testing (1.0.9)
      activesupport (>= 4.2.0, < 5.0)
      nokogiri (~> 1.6)
      rails-deprecated_sanitizer (>= 1.0.1)
    rails-html-sanitizer (1.0.4)
      loofah (~> 2.2, >= 2.2.2)
    rails_12factor (0.0.3)
      rails_serve_static_assets
      rails_stdout_logging
    rails_serve_static_assets (0.0.5)
    rails_stdout_logging (0.0.5)
    railties (4.2.11)
      actionpack (= 4.2.11)
      activesupport (= 4.2.11)
      rake (>= 0.8.7)
      thor (>= 0.18.1, < 2.0)
    raindrops (0.19.0)
    rake (12.3.2)
    rb-fsevent (0.10.3)
    rb-inotify (0.10.0)
      ffi (~> 1.0)
    rb-readline (0.5.5)
    rdoc (4.3.0)
    responders (2.4.0)
      actionpack (>= 4.2.0, < 5.3)
      railties (>= 4.2.0, < 5.3)
    ruby_dep (1.5.0)
    sass (3.2.19)
    sass-rails (4.0.5)
      railties (>= 4.0.0, < 5.0)
      sass (~> 3.2.2)
      sprockets (~> 2.8, < 3.0)
      sprockets-rails (~> 2.0)
    sdoc (0.4.2)
      json (~> 1.7, >= 1.7.7)
      rdoc (~> 4.0)
    shellany (0.0.1)
    spring (2.0.2)
      activesupport (>= 4.2)
    sprockets (2.12.5)
      hike (~> 1.2)
      multi_json (~> 1.0)
      rack (~> 1.0)
      tilt (~> 1.1, != 1.3.0)
    sprockets-rails (2.3.3)
      actionpack (>= 3.0)
      activesupport (>= 3.0)
      sprockets (>= 2.8, < 4.0)
    sqlite3 (1.3.13)
    thor (0.20.3)
    thread_safe (0.3.6)
    tilt (1.4.1)
    tzinfo (1.2.5)
      thread_safe (~> 0.1)
    uglifier (4.1.20)
      execjs (>= 0.3.0, < 3)
    unicorn (5.4.1)
      kgio (~> 2.6)
      raindrops (~> 0.7)
    warden (1.2.7)
      rack (>= 1.0)

PLATFORMS
  ruby

DEPENDENCIES
  aws-sdk
  carmen
  carmen-rails (~> 1.0.0)
  cocoon
  coffee-rails (~> 4.0.0)
  devise
  fancybox2-rails (~> 0.2.8)
  figaro
  geocoder
  guard-livereload
  guard-minitest
  jbuilder (~> 2.0)
  jquery-rails
  paperclip (~> 4.2)
  pg
  rails (= 4.2.11)
  rails_12factor
  rb-readline
  sass-rails (~> 4.0.3)
  sdoc (~> 0.4.0)
  spring
  sqlite3
  uglifier (>= 1.3.0)
  unicorn

RUBY VERSION
   ruby 2.5.0p0

BUNDLED WITH
   1.17.2
